PATH
  remote: .
  specs:
    acts_as_paranoid (0.5.0.beta1)
      activerecord (~> 4.0)
      activesupport (~> 4.0)

GEM
  remote: https://rubygems.org/
  specs:
    activemodel (4.0.13)
      activesupport (= 4.0.13)
      builder (~> 3.1.0)
    activerecord (4.0.13)
      activemodel (= 4.0.13)
      activerecord-deprecated_finders (~> 1.0.2)
      activesupport (= 4.0.13)
      arel (~> 4.0.0)
    activerecord-deprecated_finders (1.0.3)
    activesupport (4.0.13)
      i18n (~> 0.6, >= 0.6.9)
      minitest (~> 4.2)
      multi_json (~> 1.3)
      thread_safe (~> 0.1)
      tzinfo (~> 0.3.37)
    arel (4.0.2)
    builder (3.1.4)
    i18n (0.7.0)
    minitest (4.7.5)
    multi_json (1.11.0)
    rake (10.4.2)
    rdoc (4.2.0)
    sqlite3 (1.3.10)
    thread_safe (0.3.4)
    tzinfo (0.3.43)

PLATFORMS
  ruby

DEPENDENCIES
  activerecord-jdbcsqlite3-adapter
  acts_as_paranoid!
  bundler (~> 1.5)
  minitest (~> 4.0)
  rake
  rdoc
  sqlite3
